PATH
  remote: .
  specs:
    docx_templater (0.2.3)
      htmlentities (~> 4.3.1)
      rubyzip (>= 1.1)

GEM
  remote: https://rubygems.org/
  specs:
    diff-lcs (1.2.4)
    htmlentities (4.3.4)
    rake (10.1.0)
    rspec (2.14.1)
      rspec-core (~> 2.14.0)
      rspec-expectations (~> 2.14.0)
      rspec-mocks (~> 2.14.0)
    rspec-core (2.14.5)
    rspec-expectations (2.14.3)
      diff-lcs (>= 1.1.3, < 2.0)
    rspec-mocks (2.14.3)
    rubyzip (1.2.1)

PLATFORMS
  ruby

DEPENDENCIES
  docx_templater!
  rake (~> 10.1)
  rspec (~> 2.14)

BUNDLED WITH
   1.14.4
